GEM
  specs:
    ast (2.4.2)
    diff-lcs (1.4.4)
    docile (1.3.5)
    minitest (5.14.4)
    mutant (0.10.29)
      diff-lcs (~> 1.3)
      parser (~> 3.0.0)
      regexp_parser (~> 2.0, >= 2.0.3)
      unparser (~> 0.6.0)
    mutant-minitest (0.10.29)
      minitest (~> 5.11)
      mutant (= 0.10.29)
    parser (3.0.1.0)
      ast (~> 2.4.1)
    regexp_parser (2.1.1)
    simplecov (0.21.2)
      docile (~> 1.1)
      simplecov-html (~> 0.11)
      simplecov_json_formatter (~> 0.1)
    simplecov-html (0.12.3)
    simplecov_json_formatter (0.1.2)
    unparser (0.6.0)
      diff-lcs (~> 1.3)
      parser (>= 3.0.0)

GEM
  remote: https://oss:7AXfeZdAfCqL1PvHm2nvDJO6Zd9UW8IK@gem.mutant.dev/
  specs:
    mutant-license (0.1.1.2.1627430819213747598431630701693729869473.0)

PLATFORMS
  arm64-darwin-20

DEPENDENCIES
  minitest
  mutant-license!
  mutant-minitest
  simplecov

BUNDLED WITH
   2.2.16
